GEM
  specs:
    crass (1.0.2)
    daemons (1.2.4)
    eventmachine (1.2.5-x86-mingw32)
    mini_portile2 (2.2.0)
    mustermann (1.0.1)
    nokogiri (1.8.0-x86-mingw32)
      mini_portile2 (~> 2.2.0)
    nokogumbo (1.4.13)
      nokogiri
    rack (2.0.3)
    rack-protection (2.0.0)
      rack
    sanitize (4.5.0)
      crass (~> 1.0.2)
      nokogiri (>= 1.4.4)
      nokogumbo (~> 1.4.1)
    sinatra (2.0.0)
      mustermann (~> 1.0)
      rack (~> 2.0)
      rack-protection (= 2.0.0)
      tilt (~> 2.0)
    thin (1.7.2)
      daemons (~> 1.0, >= 1.0.9)
      eventmachine (~> 1.0, >= 1.0.4)
      rack (>= 1, < 3)
    tilt (2.0.8)
    tokenizer (0.3.0)

PLATFORMS
  x86-mingw32

DEPENDENCIES
  sanitize
  sinatra
  thin
  tokenizer

BUNDLED WITH
   1.15.3
